GEM
  remote: https://rubygems.org/
  specs:
    Ascii85 (1.0.2)
    afm (0.2.0)
    builder (3.2.2)
    coderay (1.0.9)
    domain_name (0.5.12)
      unf (>= 0.0.5, < 1.0.0)
    ecfs (0.2.2)
      mechanize
      pdf-reader
      pry
      spreadsheet
    hashery (2.1.0)
    http-cookie (1.0.1)
      domain_name (~> 0.5)
    markaby (0.7.2)
      builder (>= 2.0.0)
    mechanize (2.7.1)
      domain_name (~> 0.5, >= 0.5.1)
      http-cookie (~> 1.0.0)
      mime-types (~> 1.17, >= 1.17.2)
      net-http-digest_auth (~> 1.1, >= 1.1.1)
      net-http-persistent (~> 2.5, >= 2.5.2)
      nokogiri (~> 1.4)
      ntlm-http (~> 0.1, >= 0.1.1)
      webrobots (>= 0.0.9, < 0.2)
    method_source (0.8.1)
    mime-types (1.23)
    mini_portile (0.5.1)
    net-http-digest_auth (1.4)
    net-http-persistent (2.9)
    nokogiri (1.6.0)
      mini_portile (~> 0.5.0)
    ntlm-http (0.1.1)
    pdf-reader (1.3.3)
      Ascii85 (~> 1.0.0)
      afm (~> 0.2.0)
      hashery (~> 2.0)
      ruby-rc4
      ttfunk
    pry (0.9.12.2)
      coderay (~> 1.0.5)
      method_source (~> 0.8)
      slop (~> 3.4)
    rack (1.5.2)
    rack-linkify (0.0.2)
      rack-plastic (>= 0.1.1)
    rack-plastic (0.1.3)
      nokogiri (~> 1.4)
      rack (~> 1.0)
    rack-protection (1.5.0)
      rack
    rack-test (0.6.2)
      rack (>= 1.0)
    ruby-ole (1.2.11.7)
    ruby-rc4 (0.1.5)
    sharpie (0.0.3)
      rack-test
      sinatra
      sinatra-advanced-routes
    sinatra (1.4.3)
      rack (~> 1.4)
      rack-protection (~> 1.4)
      tilt (~> 1.3, >= 1.3.4)
    sinatra-advanced-routes (0.5.3)
      sinatra (~> 1.0)
    slop (3.4.6)
    spreadsheet (0.8.7)
      ruby-ole (>= 1.0)
    tilt (1.4.1)
    ttfunk (1.0.3)
    unf (0.1.1)
      unf_ext
    unf_ext (0.0.6)
    webrobots (0.1.1)

PLATFORMS
  ruby

DEPENDENCIES
  ecfs
  markaby
  pry
  rack-linkify
  sharpie
